GEM
  remote: http://rubygems.org/
  specs:
    activemodel (3.0.3)
      activesupport (= 3.0.3)
      builder (~> 2.1.2)
      i18n (~> 0.4)
    activesupport (3.0.3)
    bson (1.1.2)
    bson_ext (1.1.2)
    builder (2.1.2)
    gruff (0.3.6)
    i18n (0.5.0)
    mongo (1.1.2)
      bson (>= 1.1.1)
    mongoid (2.0.0.beta.20)
      activemodel (~> 3.0)
      mongo (~> 1.1)
      tzinfo (~> 0.3.22)
      will_paginate (~> 3.0.pre)
    rack (1.2.1)
    rmagick (2.13.1)
    sinatra (1.1.0)
      rack (~> 1.1)
      tilt (~> 1.1)
    tilt (1.1)
    tzinfo (0.3.23)
    will_paginate (3.0.pre2)

PLATFORMS
  ruby

DEPENDENCIES
  bson (>= 1.1.0)
  bson_ext (>= 1.1.0)
  gruff (= 0.3.6)
  mongoid (>= 2.0.0.beta.16)
  rmagick (= 2.13.1)
  sinatra (= 1.1.0)
